GEM
  remote: https://rubygems.org/
  specs:
    activesupport (4.2.0)
      i18n (~> 0.7)
      json (~> 1.7, >= 1.7.7)
      minitest (~> 5.1)
      thread_safe (~> 0.3, >= 0.3.4)
      tzinfo (~> 1.1)
    digest (0.0.1)
    fast_xs (0.8.0)
    fastercsv (1.5.5)
    i18n (0.7.0)
    iconv (1.0.4)
    json (1.8.3)
    minitest (5.6.1)
    mixlib-cli (1.5.0)
    multi_json (1.11.0)
    mysql (2.9.1)
    mysql2xxxx (0.2.1)
      activesupport (>= 2.3.10)
      fast_xs
      fastercsv
      mixlib-cli
      multi_json
      mysql
    rack (1.6.1)
    rack-protection (1.5.3)
      rack
    sinatra (1.4.6)
      rack (~> 1.4)
      rack-protection (~> 1.4)
      tilt (>= 1.3, < 3)
    thread_safe (0.3.5)
    tilt (1.4.1)
    tzinfo (1.2.2)
      thread_safe (~> 0.1)

PLATFORMS
  ruby

DEPENDENCIES
  digest
  iconv
  mysql
  mysql2xxxx
  sinatra

BUNDLED WITH
   1.10.2
